GEM
  remote: https://rubygems.org/
  specs:
    addressable (2.3.8)
    celluloid (0.16.0)
      timers (~> 4.0.0)
    coderay (1.1.0)
    crack (0.4.2)
      safe_yaml (~> 1.0.0)
    daemons (1.2.2)
    diff-lcs (1.2.5)
    dotenv (2.0.1)
    eventmachine (1.0.7)
    ffi (1.9.8)
    formatador (0.2.5)
    growl (1.0.3)
    guard (2.12.5)
      formatador (>= 0.2.4)
      listen (~> 2.7)
      lumberjack (~> 1.0)
      nenv (~> 0.1)
      notiffany (~> 0.0)
      pry (>= 0.9.12)
      shellany (~> 0.0)
      thor (>= 0.18.1)
    guard-compat (1.2.1)
    guard-rspec (4.5.0)
      guard (~> 2.1)
      guard-compat (~> 1.1)
      rspec (>= 2.99.0, < 4.0)
    guard-shell (0.7.1)
      guard (>= 2.0.0)
      guard-compat (~> 1.0)
    hitimes (1.2.2)
    listen (2.10.0)
      celluloid (~> 0.16.0)
      rb-fsevent (>= 0.9.3)
      rb-inotify (>= 0.9)
    lumberjack (1.0.9)
    method_source (0.8.2)
    nenv (0.2.0)
    notiffany (0.0.6)
      nenv (~> 0.1)
      shellany (~> 0.0)
    pry (0.10.1)
      coderay (~> 1.1.0)
      method_source (~> 0.8.1)
      slop (~> 3.4)
    pry-doc (0.6.0)
      pry (~> 0.9)
      yard (~> 0.8)
    rack (1.6.1)
    rack-reverse-proxy (0.4.4)
      rack (>= 1.0.0)
    rb-fsevent (0.9.4)
    rb-inotify (0.9.5)
      ffi (>= 0.5.0)
    rspec (3.2.0)
      rspec-core (~> 3.2.0)
      rspec-expectations (~> 3.2.0)
      rspec-mocks (~> 3.2.0)
    rspec-core (3.2.3)
      rspec-support (~> 3.2.0)
    rspec-expectations (3.2.1)
      diff-lcs (>= 1.2.0, < 2.0)
      rspec-support (~> 3.2.0)
    rspec-mocks (3.2.1)
      diff-lcs (>= 1.2.0, < 2.0)
      rspec-support (~> 3.2.0)
    rspec-support (3.2.2)
    safe_yaml (1.0.4)
    shellany (0.0.1)
    slop (3.6.0)
    thin (1.6.3)
      daemons (~> 1.0, >= 1.0.9)
      eventmachine (~> 1.0)
      rack (~> 1.0)
    thor (0.19.1)
    timers (4.0.1)
      hitimes
    vcr (2.9.3)
    webmock (1.21.0)
      addressable (>= 2.3.6)
      crack (>= 0.3.2)
    yard (0.8.7.6)

PLATFORMS
  ruby

DEPENDENCIES
  dotenv
  growl
  guard
  guard-rspec (~> 4.3)
  guard-shell
  pry
  pry-doc
  rack
  rack-reverse-proxy
  rspec (~> 3.1)
  thin
  vcr
  webmock
